PATH
  remote: .
  specs:
    parallel_cucumber (0.2.0.pre.23)
      cucumber (~> 2)
      parallel (~> 1.6)
      redis (~> 3.2)

GEM
  remote: https://rubygems.org/
  specs:
    ast (2.2.0)
    builder (3.2.2)
    childprocess (0.5.9)
      ffi (~> 1.0, >= 1.0.11)
    cucumber (2.3.2)
      builder (>= 2.1.2)
      cucumber-core (~> 1.4.0)
      cucumber-wire (~> 0.0.1)
      diff-lcs (>= 1.1.3)
      gherkin (~> 3.2.0)
      multi_json (>= 1.7.5, < 2.0)
      multi_test (>= 0.1.2)
    cucumber-core (1.4.0)
      gherkin (~> 3.2.0)
    cucumber-wire (0.0.1)
    diff-lcs (1.2.5)
    ffi (1.9.10)
    gherkin (3.2.0)
    iniparse (1.4.2)
    multi_json (1.11.2)
    multi_test (0.1.2)
    overcommit (0.32.0)
      childprocess (~> 0.5.8)
      iniparse (~> 1.4)
    parallel (1.6.2)
    parser (2.3.0.6)
      ast (~> 2.2)
    powerpack (0.1.1)
    rainbow (2.1.0)
    redis (3.2.2)
    rubocop (0.37.2)
      parser (>= 2.3.0.4, < 3.0)
      powerpack (~> 0.1)
      rainbow (>= 1.99.1, < 3.0)
      ruby-progressbar (~> 1.7)
      unicode-display_width (~> 0.3)
    ruby-progressbar (1.7.5)
    unicode-display_width (0.3.1)

PLATFORMS
  ruby

DEPENDENCIES
  overcommit (~> 0.31)
  parallel_cucumber!
  rubocop (~> 0.37)

BUNDLED WITH
   1.11.2
